PATH
  remote: .
  specs:
    mix_backend (0.2.0)
      ext_capistrano (= 0.2.0)
      ext_minitest (= 0.2.0)
      ext_rake (= 0.2.0)
      ext_ruby (= 0.2.0)
      ext_sql (= 0.2.0)
      ext_webpacker (= 0.2.0)
      ext_whenever (= 0.2.0)
      mix_backup (= 0.2.0)
      mix_core (= 0.2.0)
      mix_global (= 0.2.0)
      mix_notifier (= 0.2.0)
      mix_rescue (= 0.2.0)
      mix_setting
      mix_template (= 0.2.0)
      mix_throttler (= 0.2.0)
      sun_cap (= 0.2.0)
      sunzistrano

PATH
  remote: ext_capistrano
  specs:
    ext_capistrano (0.2.0)
      capistrano (~> 3.6)
      capistrano-bundle_rsync
      capistrano-bundler (~> 1.1)
      capistrano-passenger
      capistrano-rails (~> 1.1)
      capistrano-rails-console
      capistrano-rbenv (~> 2.0)
      mix_setting

PATH
  remote: ext_minitest
  specs:
    ext_minitest (0.2.0)
      chronic
      cod
      diffy
      ext_ruby (= 0.2.0)
      full_clone
      full_dup
      hash_dot
      maxitest
      minitest (>= 5.11)
      minitest-hooks
      minitest-reporters (>= 1.3)
      minitest-retry
      minitest-spec-rails
      mocha (>= 1.3)
      rails-controller-testing
      safe_clone
      safe_dup
      shoulda-matchers (>= 3.1)
      to_words
      vcr
      webmock

PATH
  remote: ext_rake
  specs:
    ext_rake (0.2.0)
      colorize
      dotiw
      ext_ruby (= 0.2.0)
      mix_notifier (= 0.2.0)
      mix_rescue (= 0.2.0)
      mix_setting
      rake

PATH
  remote: ext_ruby
  specs:
    ext_ruby (0.2.0)
      activesupport
      bootsnap
      ice_nine
      oj
      require_all (~> 1.5)

PATH
  remote: ext_sql
  specs:
    ext_sql (0.2.0)
      activerecord
      activesupport
      ext_rake (= 0.2.0)
      sql_query

PATH
  remote: ext_webpacker
  specs:
    ext_webpacker (0.2.0)
      ext_ruby (= 0.2.0)

PATH
  remote: ext_whenever
  specs:
    ext_whenever (0.2.0)
      mix_setting
      whenever

PATH
  remote: mix_backup
  specs:
    mix_backup (0.2.0)
      ext_backup (~> 5.0.0.beta.2.1)
      ext_rake (= 0.2.0)
      pgslice

PATH
  remote: mix_core
  specs:
    mix_core (0.2.0)
      active_type
      arel_extensions
      date_validator
      http_accept_language
      i18n-debug
      money-rails
      monogamy
      mix_setting
      null-logger
      pg
      rails (~> 6.0.0)
      rails-i18n
      rails_select_on_includes
      rblineprof
      term-ansicolor
      vmstat
      web-console

PATH
  remote: mix_global
  specs:
    mix_global (0.2.0)

PATH
  remote: mix_notifier
  specs:
    mix_notifier (0.2.0)
      actionview
      mail
      mix_setting

PATH
  remote: mix_rescue
  specs:
    mix_rescue (0.2.0)
      mix_notifier

PATH
  remote: mix_setting
  specs:
    mix_setting (0.1.0)
      activesupport
      chronic_duration
      ext_ruby
      inifile

PATH
  remote: mix_template
  specs:
    mix_template (0.2.0)
      nestive
      query_diet

PATH
  remote: mix_throttler
  specs:
    mix_throttler (0.2.0)
      mix_global
      rack-attack

PATH
  remote: sun_cap
  specs:
    sun_cap (0.2.0)
      mix_setting

PATH
  remote: sunzistrano
  specs:
    sunzistrano (0.1.0)
      bcrypt
      ext_ruby
      parallel
      rainbow
      sshkit

GEM
  remote: https://rubygems.org/
  specs:
    actioncable (6.0.2.1)
      actionpack (= 6.0.2.1)
      nio4r (~> 2.0)
      websocket-driver (>= 0.6.1)
    actionmailbox (6.0.2.1)
      actionpack (= 6.0.2.1)
      activejob (= 6.0.2.1)
      activerecord (= 6.0.2.1)
      activestorage (= 6.0.2.1)
      activesupport (= 6.0.2.1)
      mail (>= 2.7.1)
    actionmailer (6.0.2.1)
      actionpack (= 6.0.2.1)
      actionview (= 6.0.2.1)
      activejob (= 6.0.2.1)
      mail (~> 2.5, >= 2.5.4)
      rails-dom-testing (~> 2.0)
    actionpack (6.0.2.1)
      actionview (= 6.0.2.1)
      activesupport (= 6.0.2.1)
      rack (~> 2.0, >= 2.0.8)
      rack-test (>= 0.6.3)
      rails-dom-testing (~> 2.0)
      rails-html-sanitizer (~> 1.0, >= 1.2.0)
    actiontext (6.0.2.1)
      actionpack (= 6.0.2.1)
      activerecord (= 6.0.2.1)
      activestorage (= 6.0.2.1)
      activesupport (= 6.0.2.1)
      nokogiri (>= 1.8.5)
    actionview (6.0.2.1)
      activesupport (= 6.0.2.1)
      builder (~> 3.1)
      erubi (~> 1.4)
      rails-dom-testing (~> 2.0)
      rails-html-sanitizer (~> 1.1, >= 1.2.0)
    active_type (1.3.0)
      activerecord (>= 3.2)
    activejob (6.0.2.1)
      activesupport (= 6.0.2.1)
      globalid (>= 0.3.6)
    activemodel (6.0.2.1)
      activesupport (= 6.0.2.1)
    activerecord (6.0.2.1)
      activemodel (= 6.0.2.1)
      activesupport (= 6.0.2.1)
    activestorage (6.0.2.1)
      actionpack (= 6.0.2.1)
      activejob (= 6.0.2.1)
      activerecord (= 6.0.2.1)
      marcel (~> 0.3.1)
    activesupport (6.0.2.1)
      concurrent-ruby (~> 1.0, >= 1.0.2)
      i18n (>= 0.7, < 2)
      minitest (~> 5.1)
      tzinfo (~> 1.1)
      zeitwerk (~> 2.2)
    addressable (2.7.0)
      public_suffix (>= 2.0.2, < 5.0)
    airbrussh (1.4.0)
      sshkit (>= 1.6.1, != 1.7.0)
    ansi (1.5.0)
    arel_extensions (2.0.0)
      activerecord (>= 6.0.0)
    bcrypt (3.1.13)
    bindex (0.8.1)
    bootsnap (1.4.5)
      msgpack (~> 1.0)
    builder (3.2.4)
    capistrano (3.11.2)
      airbrussh (>= 1.0.0)
      i18n
      rake (>= 10.0.0)
      sshkit (>= 1.9.0)
    capistrano-bundle_rsync (0.5.2)
      capistrano (>= 3.3.3)
      parallel
    capistrano-bundler (1.6.0)
      capistrano (~> 3.1)
    capistrano-passenger (0.2.0)
      capistrano (~> 3.0)
    capistrano-rails (1.4.0)
      capistrano (~> 3.1)
      capistrano-bundler (~> 1.1)
    capistrano-rails-console (2.3.0)
      capistrano (>= 3.5.0, < 4.0.0)
      sshkit-interactive (~> 0.3.0)
    capistrano-rbenv (2.1.4)
      capistrano (~> 3.1)
      sshkit (~> 1.3)
    chronic (0.10.2)
    chronic_duration (0.10.6)
      numerizer (~> 0.1.1)
    cod (0.6.0)
    colorize (0.8.1)
    concurrent-ruby (1.1.5)
    crack (0.4.3)
      safe_yaml (~> 1.0.0)
    crass (1.0.5)
    date_validator (0.9.0)
      activemodel
      activesupport
    debase (0.2.4.1)
      debase-ruby_core_source (>= 0.10.2)
    debase-ruby_core_source (0.10.9)
    debugger-ruby_core_source (1.3.8)
    diffy (3.3.0)
    dotiw (4.0.1)
      actionpack (>= 4)
      i18n
    erubi (1.9.0)
    excon (0.71.1)
    ext_backup (5.0.0.beta.2.1)
      excon
      ext_fog_aws
      mail
      net-scp
      net-sftp
      net-ssh
      nokogiri
      open4
      thor
    ext_fog_aws (0.2.0)
      fog-aws
      mime-types
    fog-aws (3.5.2)
      fog-core (~> 2.1)
      fog-json (~> 1.1)
      fog-xml (~> 0.1)
      ipaddress (~> 0.8)
    fog-core (2.2.0)
      builder
      excon (~> 0.71)
      formatador (~> 0.2)
      mime-types
    fog-json (1.2.0)
      fog-core
      multi_json (~> 1.10)
    fog-xml (0.1.3)
      fog-core
      nokogiri (>= 1.5.11, < 2.0.0)
    formatador (0.2.5)
    full_clone (1.0.0)
    full_dup (1.0.0)
    globalid (0.4.2)
      activesupport (>= 4.2.0)
    hash_dot (2.4.2)
    hashdiff (1.0.0)
    http_accept_language (2.1.1)
    i18n (1.7.0)
      concurrent-ruby (~> 1.0)
    i18n-debug (1.2.0)
      i18n (< 2)
    ice_nine (0.11.2)
    inifile (3.0.0)
    ipaddress (0.8.3)
    loofah (2.4.0)
      crass (~> 1.0.2)
      nokogiri (>= 1.5.9)
    mail (2.7.1)
      mini_mime (>= 0.1.1)
    marcel (0.3.3)
      mimemagic (~> 0.3.2)
    maxitest (3.6.0)
      minitest (>= 5.0.0, < 5.14.0)
    method_source (0.9.2)
    mime-types (3.3.1)
      mime-types-data (~> 3.2015)
    mime-types-data (3.2019.1009)
    mimemagic (0.3.3)
    mini_mime (1.0.2)
    mini_portile2 (2.4.0)
    minitest (5.13.0)
    minitest-hooks (1.5.0)
      minitest (> 5.3)
    minitest-reporters (1.4.2)
      ansi
      builder
      minitest (>= 5.0)
      ruby-progressbar
    minitest-retry (0.1.9)
      minitest (>= 5.0)
    minitest-spec-rails (6.0.1)
      minitest (>= 5.0)
      railties (>= 4.1)
    mocha (1.11.1)
    monetize (1.9.3)
      money (~> 6.12)
    money (6.13.6)
      i18n (>= 0.6.4, <= 2)
    money-rails (1.13.3)
      activesupport (>= 3.0)
      monetize (~> 1.9.0)
      money (~> 6.13.2)
      railties (>= 3.0)
    monogamy (0.0.2)
      activerecord (>= 3.2)
    msgpack (1.3.1)
    multi_json (1.14.1)
    nestive (0.6.0)
      rails (>= 3.0.0)
    net-scp (2.0.0)
      net-ssh (>= 2.6.5, < 6.0.0)
    net-sftp (2.1.2)
      net-ssh (>= 2.6.5)
    net-ssh (5.2.0)
    nio4r (2.5.2)
    nokogiri (1.10.7)
      mini_portile2 (~> 2.4.0)
    null-logger (0.1.5)
    numerizer (0.1.1)
    oj (3.10.0)
    open4 (1.3.4)
    parallel (1.19.1)
    pg (1.2.1)
    pgslice (0.4.5)
      pg (>= 0.18.2)
      thor
    public_suffix (4.0.2)
    query_diet (0.6.2)
    rack (2.0.8)
    rack-attack (6.2.2)
      rack (>= 1.0, < 3)
    rack-test (1.1.0)
      rack (>= 1.0, < 3)
    rails (6.0.2.1)
      actioncable (= 6.0.2.1)
      actionmailbox (= 6.0.2.1)
      actionmailer (= 6.0.2.1)
      actionpack (= 6.0.2.1)
      actiontext (= 6.0.2.1)
      actionview (= 6.0.2.1)
      activejob (= 6.0.2.1)
      activemodel (= 6.0.2.1)
      activerecord (= 6.0.2.1)
      activestorage (= 6.0.2.1)
      activesupport (= 6.0.2.1)
      bundler (>= 1.3.0)
      railties (= 6.0.2.1)
      sprockets-rails (>= 2.0.0)
    rails-controller-testing (1.0.4)
      actionpack (>= 5.0.1.x)
      actionview (>= 5.0.1.x)
      activesupport (>= 5.0.1.x)
    rails-dom-testing (2.0.3)
      activesupport (>= 4.2.0)
      nokogiri (>= 1.6)
    rails-html-sanitizer (1.3.0)
      loofah (~> 2.3)
    rails-i18n (6.0.0)
      i18n (>= 0.7, < 2)
      railties (>= 6.0.0, < 7)
    rails_select_on_includes (6.0.1)
      activerecord (>= 6)
    railties (6.0.2.1)
      actionpack (= 6.0.2.1)
      activesupport (= 6.0.2.1)
      method_source
      rake (>= 0.8.7)
      thor (>= 0.20.3, < 2.0)
    rainbow (3.0.0)
    rake (13.0.1)
    rblineprof (0.3.7)
      debugger-ruby_core_source (~> 1.3)
    require_all (1.5.0)
    ruby-debug-ide (0.7.0)
      rake (>= 0.8.1)
    ruby-progressbar (1.10.1)
    safe_clone (1.0.0)
    safe_dup (1.0.0)
    safe_yaml (1.0.5)
    shoulda-matchers (4.1.2)
      activesupport (>= 4.2.0)
    sprockets (4.0.0)
      concurrent-ruby (~> 1.0)
      rack (> 1, < 3)
    sprockets-rails (3.2.1)
      actionpack (>= 4.0)
      activesupport (>= 4.0)
      sprockets (>= 3.0.0)
    sql_query (0.6.0)
      activerecord (>= 3.2)
    sshkit (1.20.0)
      net-scp (>= 1.1.2)
      net-ssh (>= 2.8.0)
    sshkit-interactive (0.3.0)
      sshkit (~> 1.12)
    term-ansicolor (1.7.1)
      tins (~> 1.0)
    thor (1.0.1)
    thread_safe (0.3.6)
    tins (1.22.2)
    to_words (1.1.1)
    tzinfo (1.2.6)
      thread_safe (~> 0.1)
    vcr (5.0.0)
    vmstat (2.3.1)
    web-console (4.0.1)
      actionview (>= 6.0.0)
      activemodel (>= 6.0.0)
      bindex (>= 0.4.0)
      railties (>= 6.0.0)
    webmock (3.7.6)
      addressable (>= 2.3.6)
      crack (>= 0.3.2)
      hashdiff (>= 0.4.0, < 2.0.0)
    websocket-driver (0.7.1)
      websocket-extensions (>= 0.1.0)
    websocket-extensions (0.1.4)
    whenever (1.0.0)
      chronic (>= 0.6.3)
    zeitwerk (2.2.2)

PLATFORMS
  ruby

DEPENDENCIES
  debase
  ext_capistrano!
  ext_minitest!
  ext_rake!
  ext_ruby!
  ext_sql!
  ext_webpacker!
  ext_whenever!
  mix_backend!
  mix_backup!
  mix_core!
  mix_global!
  mix_notifier!
  mix_rescue!
  mix_setting!
  mix_template!
  mix_throttler!
  ruby-debug-ide
  sun_cap!
  sunzistrano!
  tzinfo-data

BUNDLED WITH
   1.17.2
