PATH
  remote: mix_email
  specs:
    mix_email (0.2.0)
      ext_ruby (= 0.2.0)

PATH
  remote: .
  specs:
    web_tools (0.2.0)
      ext_bootstrap (= 0.2.0)
      ext_capistrano (= 0.2.0)
      ext_minitest (= 0.2.0)
      ext_pjax (= 0.2.0)
      ext_rails (= 0.2.0)
      ext_ruby (= 0.2.0)
      ext_vue (= 0.2.0)
      ext_webpacker (= 0.2.0)
      ext_whenever (= 0.2.0)
      mix_admin (= 0.2.0)
      mix_backup (= 0.2.0)
      mix_credential (= 0.2.0)
      mix_email (= 0.2.0)
      mix_file (= 0.2.0)
      mix_geo (= 0.2.0)
      mix_global (= 0.2.0)
      mix_log (= 0.2.0)
      mix_page (= 0.2.0)
      mix_rescue (= 0.2.0)
      mix_search (= 0.2.0)
      mix_server (= 0.2.0)
      mix_setting
      mix_sql (= 0.2.0)
      mix_task (= 0.2.0)
      mix_template (= 0.2.0)
      mix_user (= 0.2.0)
      sunzistrano

PATH
  remote: ext_bootstrap
  specs:
    ext_bootstrap (0.2.0)
      ext_webpacker (= 0.2.0)

PATH
  remote: ext_capistrano
  specs:
    ext_capistrano (0.2.0)
      capistrano (~> 3.6)
      capistrano-bundle_rsync
      capistrano-bundler (~> 1.1)
      capistrano-passenger
      capistrano-rails (~> 1.1)
      capistrano-rails-console
      capistrano-rbenv (~> 2.0)
      mix_setting
      sunzistrano

PATH
  remote: ext_minitest
  specs:
    ext_minitest (0.2.0)
      capybara (>= 2.15)
      chronic
      cod
      diffy
      ext_ruby (= 0.2.0)
      full_clone
      full_dup
      hash_dot
      maxitest
      minitest (>= 5.11)
      minitest-hooks
      minitest-retry
      minitest-spec-rails
      mocha (>= 1.3)
      rails-controller-testing
      safe_clone
      safe_dup
      selenium-webdriver
      shoulda-matchers (>= 3.1)
      to_words
      vcr
      webdrivers
      webmock

PATH
  remote: ext_pjax
  specs:
    ext_pjax (0.2.0)
      ext_bootstrap (= 0.2.0)
      ext_ruby (= 0.2.0)

PATH
  remote: ext_rails
  specs:
    ext_rails (0.2.0)
      active_type
      arel_extensions
      date_validator
      discard
      http_accept_language
      i18n-debug
      mix_setting
      money-rails
      monogamy
      null-logger
      pg
      pycall
      rails (~> 6.0.0)
      rails-i18n
      rails_select_on_includes
      rblineprof
      store_base_sti_class
      sunzistrano
      user_agent_parser

PATH
  remote: ext_ruby
  specs:
    ext_ruby (0.2.0)
      activesupport
      bcrypt
      bootsnap
      colorize
      http
      ice_nine
      oj
      parallel
      require_all (~> 1.5)
      vmstat

PATH
  remote: ext_vue
  specs:
    ext_vue (0.2.0)

PATH
  remote: ext_webpacker
  specs:
    ext_webpacker (0.2.0)
      ext_ruby (= 0.2.0)
      webpacker

PATH
  remote: ext_whenever
  specs:
    ext_whenever (0.2.0)
      mix_setting
      whenever

PATH
  remote: mix_admin
  specs:
    mix_admin (0.2.0)
      kaminari (>= 0.14, < 2.0)
      mix_global (= 0.2.0)
      mix_user (= 0.2.0)

PATH
  remote: mix_backup
  specs:
    mix_backup (0.2.0)
      ext_backup (~> 5.0.0.beta.2.1)
      mix_task (= 0.2.0)
      pgslice

PATH
  remote: mix_credential
  specs:
    mix_credential (0.2.0)
      acme-client (~> 2.0.0)
      ext_rails (= 0.2.0)

PATH
  remote: mix_email
  specs:
    mix_email (0.2.0)
      email_prefixer
      ext_rails (= 0.2.0)
      mail_interceptor
      mix_log (= 0.2.0)

PATH
  remote: mix_file
  specs:
    mix_file (0.2.0)
      ext_ruby (= 0.2.0)
      fastimage
      image_processing (~> 1.10)
      marcel
      shrine (~> 3.3)

PATH
  remote: mix_geo
  specs:
    mix_geo (0.2.0)
      activerecord-postgis-adapter
      countries (= 3.0.1)
      ext_ruby (= 0.2.0)
      ip_location_db (= 2.2.2020121618)
      reversed
      rgeo

PATH
  remote: mix_global
  specs:
    mix_global (0.2.0)

PATH
  remote: mix_job
  specs:
    mix_job (0.2.0)
      ext_ruby (= 0.2.0)
      http

PATH
  remote: mix_log
  specs:
    mix_log (0.2.0)
      ext_ruby (= 0.2.0)

PATH
  remote: mix_page
  specs:
    mix_page (0.2.0)
      mix_admin (= 0.2.0)
      mix_file (= 0.2.0)

PATH
  remote: mix_rescue
  specs:
    mix_rescue (0.2.0)
      actionview
      mail
      mix_global
      mix_log (= 0.2.0)
      mix_setting
      rack-attack

PATH
  remote: mix_search
  specs:
    mix_search (0.2.0)
      ext_ruby (= 0.2.0)

PATH
  remote: mix_server
  specs:
    mix_server (0.2.0)
      ext_ruby (= 0.2.0)

PATH
  remote: mix_setting
  specs:
    mix_setting (0.1.0)
      activesupport
      chronic_duration
      ext_ruby
      inifile

PATH
  remote: mix_sql
  specs:
    mix_sql (0.2.0)
      activerecord
      activesupport
      mix_task (= 0.2.0)
      sql_query
      sunzistrano

PATH
  remote: mix_task
  specs:
    mix_task (0.2.0)
      dotiw
      ext_ruby (= 0.2.0)
      mix_rescue (= 0.2.0)
      mix_setting
      rake

PATH
  remote: mix_template
  specs:
    mix_template (0.2.0)
      ext_pjax (= 0.2.0)
      nestive
      query_diet (~> 0.6.2)

PATH
  remote: mix_user
  specs:
    mix_user (0.2.0)
      devise (~> 4.7)
      devise-i18n
      mix_template (= 0.2.0)
      pundit (~> 2.1)
      web-console

PATH
  remote: sunzistrano
  specs:
    sunzistrano (0.1.0)
      mix_setting

GEM
  remote: https://rubygems.org/
  specs:
    acme-client (2.0.7)
      faraday (>= 0.17, < 2.0.0)
    actioncable (6.0.3.4)
      actionpack (= 6.0.3.4)
      nio4r (~> 2.0)
      websocket-driver (>= 0.6.1)
    actionmailbox (6.0.3.4)
      actionpack (= 6.0.3.4)
      activejob (= 6.0.3.4)
      activerecord (= 6.0.3.4)
      activestorage (= 6.0.3.4)
      activesupport (= 6.0.3.4)
      mail (>= 2.7.1)
    actionmailer (6.0.3.4)
      actionpack (= 6.0.3.4)
      actionview (= 6.0.3.4)
      activejob (= 6.0.3.4)
      mail (~> 2.5, >= 2.5.4)
      rails-dom-testing (~> 2.0)
    actionpack (6.0.3.4)
      actionview (= 6.0.3.4)
      activesupport (= 6.0.3.4)
      rack (~> 2.0, >= 2.0.8)
      rack-test (>= 0.6.3)
      rails-dom-testing (~> 2.0)
      rails-html-sanitizer (~> 1.0, >= 1.2.0)
    actiontext (6.0.3.4)
      actionpack (= 6.0.3.4)
      activerecord (= 6.0.3.4)
      activestorage (= 6.0.3.4)
      activesupport (= 6.0.3.4)
      nokogiri (>= 1.8.5)
    actionview (6.0.3.4)
      activesupport (= 6.0.3.4)
      builder (~> 3.1)
      erubi (~> 1.4)
      rails-dom-testing (~> 2.0)
      rails-html-sanitizer (~> 1.1, >= 1.2.0)
    active_type (1.5.0)
      activerecord (>= 3.2)
    activejob (6.0.3.4)
      activesupport (= 6.0.3.4)
      globalid (>= 0.3.6)
    activemodel (6.0.3.4)
      activesupport (= 6.0.3.4)
    activerecord (6.0.3.4)
      activemodel (= 6.0.3.4)
      activesupport (= 6.0.3.4)
    activerecord-postgis-adapter (6.0.1)
      activerecord (~> 6.0)
      rgeo-activerecord (~> 6.0)
    activestorage (6.0.3.4)
      actionpack (= 6.0.3.4)
      activejob (= 6.0.3.4)
      activerecord (= 6.0.3.4)
      marcel (~> 0.3.1)
    activesupport (6.0.3.4)
      concurrent-ruby (~> 1.0, >= 1.0.2)
      i18n (>= 0.7, < 2)
      minitest (~> 5.1)
      tzinfo (~> 1.1)
      zeitwerk (~> 2.2, >= 2.2.2)
    addressable (2.7.0)
      public_suffix (>= 2.0.2, < 5.0)
    airbrussh (1.4.0)
      sshkit (>= 1.6.1, != 1.7.0)
    arel_extensions (2.0.20)
      activerecord (>= 6.0)
    bcrypt (3.1.16)
    bindex (0.8.1)
    bootsnap (1.5.1)
      msgpack (~> 1.0)
    builder (3.2.4)
    capistrano (3.14.1)
      airbrussh (>= 1.0.0)
      i18n
      rake (>= 10.0.0)
      sshkit (>= 1.9.0)
    capistrano-bundle_rsync (0.5.2)
      capistrano (>= 3.3.3)
      parallel
    capistrano-bundler (1.6.0)
      capistrano (~> 3.1)
    capistrano-passenger (0.2.0)
      capistrano (~> 3.0)
    capistrano-rails (1.6.1)
      capistrano (~> 3.1)
      capistrano-bundler (>= 1.1, < 3)
    capistrano-rails-console (2.3.0)
      capistrano (>= 3.5.0, < 4.0.0)
      sshkit-interactive (~> 0.3.0)
    capistrano-rbenv (2.2.0)
      capistrano (~> 3.1)
      sshkit (~> 1.3)
    capybara (3.35.3)
      addressable
      mini_mime (>= 0.1.3)
      nokogiri (~> 1.8)
      rack (>= 1.6.0)
      rack-test (>= 0.6.3)
      regexp_parser (>= 1.5, < 3.0)
      xpath (~> 3.2)
    childprocess (3.0.0)
    chronic (0.10.2)
    chronic_duration (0.10.6)
      numerizer (~> 0.1.1)
    cod (0.6.0)
    colorize (0.8.1)
    concurrent-ruby (1.1.7)
    content_disposition (1.0.0)
    countries (3.0.1)
      i18n_data (~> 0.10.0)
      sixarm_ruby_unaccent (~> 1.1)
      unicode_utils (~> 1.4)
    crack (0.4.5)
      rexml
    crass (1.0.6)
    date_validator (0.10.0)
      activemodel (>= 3)
      activesupport (>= 3)
    debase (0.2.4.1)
      debase-ruby_core_source (>= 0.10.2)
    debase-ruby_core_source (0.10.11)
    debugger-ruby_core_source (1.3.8)
    devise (4.7.3)
      bcrypt (~> 3.0)
      orm_adapter (~> 0.1)
      railties (>= 4.1.0)
      responders
      warden (~> 1.2.3)
    devise-i18n (1.9.2)
      devise (>= 4.7.1)
    diffy (3.4.0)
    discard (1.2.0)
      activerecord (>= 4.2, < 7)
    domain_name (0.5.20190701)
      unf (>= 0.0.5, < 1.0.0)
    dotiw (5.2.0)
      activesupport
      i18n
    down (5.2.0)
      addressable (~> 2.5)
    email_prefixer (1.2.0)
      rails (>= 4.0)
    erubi (1.9.0)
    excon (0.78.1)
    ext_backup (5.0.0.beta.2.1)
      excon
      ext_fog_aws
      mail
      net-scp
      net-sftp
      net-ssh
      nokogiri
      open4
      thor
    ext_fog_aws (0.2.0)
      fog-aws
      mime-types
    faraday (1.1.0)
      multipart-post (>= 1.2, < 3)
      ruby2_keywords
    fastimage (2.2.0)
    ffi (1.13.1)
    ffi-compiler (1.0.1)
      ffi (>= 1.0.0)
      rake
    fog-aws (3.7.0)
      fog-core (~> 2.1)
      fog-json (~> 1.1)
      fog-xml (~> 0.1)
      ipaddress (~> 0.8)
    fog-core (2.2.3)
      builder
      excon (~> 0.71)
      formatador (~> 0.2)
      mime-types
    fog-json (1.2.0)
      fog-core
      multi_json (~> 1.10)
    fog-xml (0.1.3)
      fog-core
      nokogiri (>= 1.5.11, < 2.0.0)
    formatador (0.2.5)
    full_clone (1.0.2)
    full_dup (1.0.2)
    globalid (0.4.2)
      activesupport (>= 4.2.0)
    hash_dot (2.5.0)
    hashdiff (1.0.1)
    http (4.4.1)
      addressable (~> 2.3)
      http-cookie (~> 1.0)
      http-form_data (~> 2.2)
      http-parser (~> 1.2.0)
    http-cookie (1.0.3)
      domain_name (~> 0.5)
    http-form_data (2.3.0)
    http-parser (1.2.3)
      ffi-compiler (>= 1.0, < 2.0)
    http_accept_language (2.1.1)
    i18n (1.8.5)
      concurrent-ruby (~> 1.0)
    i18n-debug (1.2.0)
      i18n (< 2)
    i18n_data (0.10.0)
    ice_nine (0.11.2)
    image_processing (1.12.1)
      mini_magick (>= 4.9.5, < 5)
      ruby-vips (>= 2.0.17, < 3)
    inifile (3.0.0)
    ip_location_db (2.2.2020121618)
    ipaddress (0.8.3)
    kaminari (1.2.1)
      activesupport (>= 4.1.0)
      kaminari-actionview (= 1.2.1)
      kaminari-activerecord (= 1.2.1)
      kaminari-core (= 1.2.1)
    kaminari-actionview (1.2.1)
      actionview
      kaminari-core (= 1.2.1)
    kaminari-activerecord (1.2.1)
      activerecord
      kaminari-core (= 1.2.1)
    kaminari-core (1.2.1)
    loofah (2.7.0)
      crass (~> 1.0.2)
      nokogiri (>= 1.5.9)
    mail (2.7.1)
      mini_mime (>= 0.1.1)
    mail_interceptor (0.0.7)
      activesupport
    marcel (0.3.3)
      mimemagic (~> 0.3.2)
    maxitest (3.6.0)
      minitest (>= 5.0.0, < 5.14.0)
    method_source (1.0.0)
    mime-types (3.3.1)
      mime-types-data (~> 3.2015)
    mime-types-data (3.2020.1104)
    mimemagic (0.3.5)
    mini_magick (4.11.0)
    mini_mime (1.0.2)
    mini_portile2 (2.5.0)
    minitest (5.13.0)
    minitest-hooks (1.5.0)
      minitest (> 5.3)
    minitest-retry (0.2.1)
      minitest (>= 5.0)
    minitest-spec-rails (6.0.3)
      minitest (>= 5.0)
      railties (>= 4.1)
    mocha (1.12.0)
    monetize (1.9.4)
      money (~> 6.12)
    money (6.13.8)
      i18n (>= 0.6.4, <= 2)
    money-rails (1.13.4)
      activesupport (>= 3.0)
      monetize (~> 1.9.0)
      money (~> 6.13.2)
      railties (>= 3.0)
    monogamy (0.0.2)
      activerecord (>= 3.2)
    msgpack (1.3.3)
    multi_json (1.15.0)
    multipart-post (2.1.1)
    nestive (0.6.0)
      rails (>= 3.0.0)
    net-dns (0.9.0)
    net-scp (3.0.0)
      net-ssh (>= 2.6.5, < 7.0.0)
    net-sftp (3.0.0)
      net-ssh (>= 5.0.0, < 7.0.0)
    net-ssh (6.1.0)
    nio4r (2.5.4)
    nokogiri (1.11.1)
      mini_portile2 (~> 2.5.0)
      racc (~> 1.4)
    null-logger (0.1.7)
    numerizer (0.1.1)
    oj (3.11.0)
    open4 (1.3.4)
    orm_adapter (0.5.0)
    parallel (1.20.0)
    pg (1.2.3)
    pgslice (0.4.7)
      pg (>= 0.18.2)
      thor
    public_suffix (4.0.6)
    pundit (2.1.0)
      activesupport (>= 3.0.0)
    pycall (1.3.1)
    query_diet (0.6.2)
    racc (1.5.2)
    rack (2.2.3)
    rack-attack (6.3.1)
      rack (>= 1.0, < 3)
    rack-proxy (0.6.5)
      rack
    rack-test (1.1.0)
      rack (>= 1.0, < 3)
    rails (6.0.3.4)
      actioncable (= 6.0.3.4)
      actionmailbox (= 6.0.3.4)
      actionmailer (= 6.0.3.4)
      actionpack (= 6.0.3.4)
      actiontext (= 6.0.3.4)
      actionview (= 6.0.3.4)
      activejob (= 6.0.3.4)
      activemodel (= 6.0.3.4)
      activerecord (= 6.0.3.4)
      activestorage (= 6.0.3.4)
      activesupport (= 6.0.3.4)
      bundler (>= 1.3.0)
      railties (= 6.0.3.4)
      sprockets-rails (>= 2.0.0)
    rails-controller-testing (1.0.5)
      actionpack (>= 5.0.1.rc1)
      actionview (>= 5.0.1.rc1)
      activesupport (>= 5.0.1.rc1)
    rails-dom-testing (2.0.3)
      activesupport (>= 4.2.0)
      nokogiri (>= 1.6)
    rails-html-sanitizer (1.3.0)
      loofah (~> 2.3)
    rails-i18n (6.0.0)
      i18n (>= 0.7, < 2)
      railties (>= 6.0.0, < 7)
    rails_select_on_includes (6.0.1)
      activerecord (>= 6)
    railties (6.0.3.4)
      actionpack (= 6.0.3.4)
      activesupport (= 6.0.3.4)
      method_source
      rake (>= 0.8.7)
      thor (>= 0.20.3, < 2.0)
    rake (13.0.1)
    rblineprof (0.3.7)
      debugger-ruby_core_source (~> 1.3)
    regexp_parser (2.0.3)
    require_all (1.5.0)
    responders (3.0.1)
      actionpack (>= 5.0)
      railties (>= 5.0)
    reversed (0.3.0)
      net-dns
    rexml (3.2.4)
    rgeo (2.2.0)
    rgeo-activerecord (6.2.2)
      activerecord (>= 5.0)
      rgeo (>= 1.0.0)
    ruby-debug-ide (0.7.2)
      rake (>= 0.8.1)
    ruby-vips (2.0.17)
      ffi (~> 1.9)
    ruby2_keywords (0.0.2)
    rubyzip (2.3.0)
    safe_clone (1.0.2)
    safe_dup (1.0.2)
    selenium-webdriver (3.142.7)
      childprocess (>= 0.5, < 4.0)
      rubyzip (>= 1.2.2)
    semantic_range (2.3.0)
    shoulda-matchers (4.5.1)
      activesupport (>= 4.2.0)
    shrine (3.3.0)
      content_disposition (~> 1.0)
      down (~> 5.1)
    sixarm_ruby_unaccent (1.2.0)
    sprockets (4.0.2)
      concurrent-ruby (~> 1.0)
      rack (> 1, < 3)
    sprockets-rails (3.2.2)
      actionpack (>= 4.0)
      activesupport (>= 4.0)
      sprockets (>= 3.0.0)
    sql_query (0.6.0)
      activerecord (>= 3.2)
    sshkit (1.21.0)
      net-scp (>= 1.1.2)
      net-ssh (>= 2.8.0)
    sshkit-interactive (0.3.0)
      sshkit (~> 1.12)
    store_base_sti_class (2.0.2)
      activerecord (>= 4.0)
    thor (1.0.1)
    thread_safe (0.3.6)
    to_words (1.1.1)
    tzinfo (1.2.8)
      thread_safe (~> 0.1)
    unf (0.1.4)
      unf_ext
    unf_ext (0.0.7.7)
    unicode_utils (1.4.0)
    user_agent_parser (2.7.0)
    vcr (6.0.0)
    vmstat (2.3.1)
    warden (1.2.9)
      rack (>= 2.0.9)
    web-console (4.1.0)
      actionview (>= 6.0.0)
      activemodel (>= 6.0.0)
      bindex (>= 0.4.0)
      railties (>= 6.0.0)
    webdrivers (4.5.0)
      nokogiri (~> 1.6)
      rubyzip (>= 1.3.0)
      selenium-webdriver (>= 3.0, < 4.0)
    webmock (3.11.2)
      addressable (>= 2.3.6)
      crack (>= 0.3.2)
      hashdiff (>= 0.4.0, < 2.0.0)
    webpacker (5.2.1)
      activesupport (>= 5.2)
      rack-proxy (>= 0.6.1)
      railties (>= 5.2)
      semantic_range (>= 2.3.0)
    websocket-driver (0.7.3)
      websocket-extensions (>= 0.1.0)
    websocket-extensions (0.1.5)
    whenever (1.0.0)
      chronic (>= 0.6.3)
    xpath (3.2.0)
      nokogiri (~> 1.8)
    zeitwerk (2.4.1)

PLATFORMS
  ruby

DEPENDENCIES
  debase
  ext_bootstrap!
  ext_capistrano!
  ext_minitest!
  ext_pjax!
  ext_rails!
  ext_ruby!
  ext_vue!
  ext_webpacker!
  ext_whenever!
  mix_admin!
  mix_backup!
  mix_credential!
  mix_email!
  mix_file!
  mix_global!
  mix_page!
  mix_rescue!
  mix_setting!
  mix_sql!
  mix_task!
  mix_template!
  mix_user!
  ruby-debug-ide
  sunzistrano!
  tzinfo-data
  web_tools!
  webpacker

BUNDLED WITH
   1.17.2
